GEM
  remote: https://rubygems.org/
  specs:
    addressable (2.7.0)
      public_suffix (>= 2.0.2, < 5.0)
    colorator (1.1.0)
    concurrent-ruby (1.1.5)
    em-websocket (0.5.1)
      eventmachine (>= 0.12.9)
      http_parser.rb (~> 0.6.0)
    ethon (0.12.0)
      ffi (>= 1.3.0)
    eventmachine (1.2.7)
    eventmachine (1.2.7-x64-mingw32)
    ffi (1.11.1)
    ffi (1.11.1-x64-mingw32)
    forwardable-extended (2.6.0)
    front_matter_parser (0.2.1)
    html-proofer (3.12.2)
      addressable (~> 2.3)
      mercenary (~> 0.3)
      nokogiri (~> 1.10)
      parallel (~> 1.3)
      rainbow (~> 3.0)
      typhoeus (~> 1.3)
      yell (~> 2.0)
    http_parser.rb (0.6.0)
    i18n (0.9.5)
      concurrent-ruby (~> 1.0)
    jekyll (3.8.6)
      addressable (~> 2.4)
      colorator (~> 1.0)
      em-websocket (~> 0.5)
      i18n (~> 0.7)
      jekyll-sass-converter (~> 1.0)
      jekyll-watch (~> 2.0)
      kramdown (~> 1.14)
      liquid (~> 4.0)
      mercenary (~> 0.3.3)
      pathutil (~> 0.9)
      rouge (>= 1.7, < 4)
      safe_yaml (~> 1.0)
    jekyll-feed (0.12.1)
      jekyll (>= 3.7, < 5.0)
    jekyll-paginate-v2 (1.9.4)
      jekyll (~> 3.0)
    jekyll-sass-converter (1.5.2)
      sass (~> 3.4)
    jekyll-sitemap (1.3.1)
      jekyll (>= 3.7, < 5.0)
    jekyll-watch (2.2.1)
      listen (~> 3.0)
    json (2.2.0)
    kramdown (1.17.0)
    liquid (4.0.3)
    listen (3.1.5)
      rb-fsevent (~> 0.9, >= 0.9.4)
      rb-inotify (~> 0.9, >= 0.9.7)
      ruby_dep (~> 1.2)
    mercenary (0.3.6)
    mini_portile2 (2.8.0)
    nokogiri (1.13.2)
      mini_portile2 (~> 2.8.0)
      racc (~> 1.4)
    nokogiri (1.13.2-x64-mingw32)
      racc (~> 1.4)
    parallel (1.17.0)
    pathutil (0.16.2)
      forwardable-extended (~> 2.6)
    public_suffix (4.0.1)
    racc (1.6.0)
    rainbow (3.0.0)
    rake (12.3.3)
    rb-fsevent (0.10.3)
    rb-inotify (0.10.0)
      ffi (~> 1.0)
    rouge (3.10.0)
    ruby-progressbar (1.10.1)
    ruby_dep (1.5.0)
    safe_yaml (1.0.5)
    sass (3.7.4)
      sass-listen (~> 4.0.0)
    sass-listen (4.0.0)
      rb-fsevent (~> 0.9, >= 0.9.4)
      rb-inotify (~> 0.9, >= 0.9.7)
    typhoeus (1.3.1)
      ethon (>= 0.9.0)
    tzinfo (2.0.0)
      concurrent-ruby (~> 1.0)
    tzinfo-data (1.2019.2)
      tzinfo (>= 1.0.0)
    yell (2.2.0)

PLATFORMS
  ruby
  x64-mingw32

DEPENDENCIES
  front_matter_parser
  html-proofer
  jekyll (~> 3.7)
  jekyll-feed (~> 0.9)
  jekyll-paginate-v2 (~> 1.9)
  jekyll-sitemap (~> 1.1)
  json
  kramdown
  nokogiri (>= 1.8.5)
  rake
  ruby-progressbar
  tzinfo-data

RUBY VERSION
   ruby 2.6.0p0

BUNDLED WITH
   2.0.2
