GEM
  remote: https://rubygems.org/
  specs:
    activesupport (4.2.9)
      i18n (~> 0.7)
      minitest (~> 5.1)
      thread_safe (~> 0.3, >= 0.3.4)
      tzinfo (~> 1.1)
    addressable (2.5.2)
      public_suffix (>= 2.0.2, < 4.0)
    bigdecimal (1.3.2)
    colorator (1.1.0)
    concurrent-ruby (1.0.5)
    elasticsearch (1.0.18)
      elasticsearch-api (= 1.0.18)
      elasticsearch-transport (= 1.0.18)
    elasticsearch-api (1.0.18)
      multi_json
    elasticsearch-transport (1.0.18)
      faraday
      multi_json
    extras (0.3.0)
      forwardable-extended (~> 2.5)
    faraday (0.13.1)
      multipart-post (>= 1.2, < 3)
    fastimage (2.1.0)
    ffi (1.9.18)
    ffi (1.9.18-x64-mingw32)
    forwardable-extended (2.6.0)
    html-pipeline (2.7.1)
      activesupport (>= 2)
      nokogiri (>= 1.4)
    i18n (0.8.6)
    jekyll (3.5.0)
      addressable (~> 2.4)
      colorator (~> 1.0)
      jekyll-sass-converter (~> 1.0)
      jekyll-watch (~> 1.1)
      kramdown (~> 1.3)
      liquid (~> 4.0)
      mercenary (~> 0.3.3)
      pathutil (~> 0.9)
      rouge (~> 1.7)
      safe_yaml (~> 1.0)
    jekyll-assets (2.3.2)
      concurrent-ruby (~> 1.0)
      extras (~> 0.2)
      fastimage (~> 2.0, >= 1.8)
      jekyll (~> 3.1, >= 3.0)
      pathutil (>= 0.8)
      rack (~> 1.6)
      sprockets (~> 3.3, < 3.8)
    jekyll-feed (0.9.2)
      jekyll (~> 3.3)
    jekyll-gist (1.4.1)
      octokit (~> 4.2)
    jekyll-mentions (1.2.0)
      activesupport (~> 4.0)
      html-pipeline (~> 2.3)
      jekyll (~> 3.0)
    jekyll-paginate (1.1.0)
    jekyll-sass-converter (1.5.0)
      sass (~> 3.4)
    jekyll-seo-tag (2.3.0)
      jekyll (~> 3.3)
    jekyll-sitemap (1.1.1)
      jekyll (~> 3.3)
    jekyll-watch (1.5.0)
      listen (~> 3.0, < 3.1)
    jekyll_search (0.0.8)
      elasticsearch (~> 1.0.6)
      jekyll (>= 3.0.0)
      loofah (~> 2.0.1)
    kramdown (1.15.0)
    liquid (4.0.0)
    listen (3.0.8)
      rb-fsevent (~> 0.9, >= 0.9.4)
      rb-inotify (~> 0.9, >= 0.9.7)
    loofah (2.0.3)
      nokogiri (>= 1.5.9)
    mercenary (0.3.6)
    mini_portile2 (2.3.0)
    minima (2.1.1)
      jekyll (~> 3.3)
    minitest (5.10.3)
    multi_json (1.12.1)
    multipart-post (2.0.0)
    nokogiri (1.8.1)
      mini_portile2 (~> 2.3.0)
    octokit (4.7.0)
      sawyer (~> 0.8.0, >= 0.5.3)
    pathutil (0.14.0)
      forwardable-extended (~> 2.6)
    public_suffix (3.0.0)
    rack (1.6.8)
    rake (12.1.0)
    rb-fsevent (0.10.2)
    rb-inotify (0.9.10)
      ffi (>= 0.5.0, < 2)
    rouge (1.11.1)
    safe_yaml (1.0.4)
    sass (3.5.1)
      sass-listen (~> 4.0.0)
    sass-listen (4.0.0)
      rb-fsevent (~> 0.9, >= 0.9.4)
      rb-inotify (~> 0.9, >= 0.9.7)
    sawyer (0.8.1)
      addressable (>= 2.3.5, < 2.6)
      faraday (~> 0.8, < 1.0)
    sprockets (3.7.1)
      concurrent-ruby (~> 1.0)
      rack (> 1, < 3)
    thread_safe (0.3.6)
    tzinfo (1.2.3)
      thread_safe (~> 0.1)
    tzinfo-data (1.2017.2)
      tzinfo (>= 1.0.0)

PLATFORMS
  ruby
  x64-mingw32

DEPENDENCIES
  bigdecimal (~> 1.3, >= 1.3.2)
  bundler (~> 1.15.1)
  jekyll (= 3.5.0)
  jekyll-assets (~> 2.3, >= 2.3.2)
  jekyll-feed (~> 0.6)
  jekyll-gist (~> 1.4, >= 1.4.1)
  jekyll-mentions (~> 1.2)
  jekyll-paginate (~> 1.1)
  jekyll-seo-tag (~> 2.3)
  jekyll-sitemap (~> 1.1, >= 1.1.1)
  jekyll_search (~> 0.0.8)
  kramdown (~> 1.14)
  minima (~> 2.0)
  rake (~> 12.0)
  tzinfo-data

BUNDLED WITH
   1.15.4
